GIT
  remote: git://github.com/sinatra/sinatra
  revision: 9567316944fd03489b93f4e8a4072a2e4932e007
  specs:
    sinatra (1.4.1)
      rack (~> 1.5, >= 1.5.2)
      rack-protection (~> 1.4)
      tilt (~> 1.3, >= 1.3.4)

PATH
  remote: .
  specs:
    sinatra-contrib (1.4.0)
      backports (>= 2.0)
      eventmachine
      rack-protection
      rack-test
      sinatra (~> 1.4.0)
      tilt (~> 1.3)

GEM
  remote: http://rubygems.org/
  specs:
    backports (3.1.1)
    diff-lcs (1.2.1)
    erubis (2.7.0)
    eventmachine (1.0.3)
    haml (4.0.0)
      tilt
    json (1.7.7)
    multi_json (1.6.1)
    rack (1.5.2)
    rack-protection (1.5.0)
      rack
    rack-test (0.6.2)
      rack (>= 1.0)
    rake (10.0.3)
    rspec (2.13.0)
      rspec-core (~> 2.13.0)
      rspec-expectations (~> 2.13.0)
      rspec-mocks (~> 2.13.0)
    rspec-core (2.13.1)
    rspec-expectations (2.13.0)
      diff-lcs (>= 1.1.3, < 2.0)
    rspec-mocks (2.13.0)
    slim (1.3.6)
      temple (~> 0.5.5)
      tilt (~> 1.3.3)
    temple (0.5.5)
    tilt (1.3.5)
    yajl-ruby (1.4.3)

PLATFORMS
  ruby

DEPENDENCIES
  erubis
  haml
  json
  multi_json
  rack
  rake
  rspec (~> 2.3)
  sinatra!
  sinatra-contrib!
  slim
  tilt
  yajl-ruby
